GIT
  remote: https://github.com/IronFoundry/vcap-common.git
  revision: 053926886fa5f838f0d47226eb8cc6e40e03a841
  branch: ironfoundry
  specs:
    vcap_common (2.0.10)
      em-http-request (~> 1.0)
      eventmachine
      httpclient
      membrane (~> 0.0.2)
      mime-types
      multipart-post
      nats (~> 0.4.24)
      posix-spawn (~> 0.3.6)
      thin
      uuidtools
      yajl-ruby

GIT
  remote: https://github.com/cloudfoundry/warden.git
  revision: cc07d604dafc25ac8f7f17af42ab0152c52a7b35
  specs:
    em-warden-client (0.1.1)
      eventmachine
      warden-client
      warden-protocol (>= 0.0.9)
    warden-client (0.1.0)
      warden-protocol (~> 0.1.0)
    warden-protocol (0.1.3)
      beefcake

GIT
  remote: https://github.com/intridea/grape.git
  revision: c03cbee9c055178b6541c7a344874def54b2da15
  specs:
    grape (0.4.2)
      activesupport
      builder
      hashie (>= 1.2.0)
      multi_json (>= 1.3.2)
      multi_xml (>= 0.5.2)
      rack (>= 1.3.0)
      rack-accept
      rack-mount
      virtus

PATH
  remote: C:/proj/cf/steno
  specs:
    steno (1.0.3)
      fluent-logger
      grape
      yajl-ruby (~> 1.0)

GEM
  remote: https://rubygems.org/
  specs:
    activesupport (3.2.13)
      i18n (= 0.6.1)
      multi_json (~> 1.0)
    addressable (2.3.4)
    backports (2.6.7)
    beefcake (0.3.7)
    builder (3.2.0)
    ci_reporter (1.8.4)
      builder (>= 2.1.2)
    cookiejar (0.3.0)
    daemons (1.1.9)
    descendants_tracker (0.0.1)
    diff-lcs (1.2.4)
    dotenv (0.7.0)
    em-http-request (1.0.3)
      addressable (>= 2.2.3)
      cookiejar
      em-socksify
      eventmachine (>= 1.0.0.beta.4)
      http_parser.rb (>= 0.5.3)
    em-socksify (0.2.1)
      eventmachine (>= 1.0.0.beta.4)
    eventmachine (1.0.3-x86-mingw32)
    ffi (1.8.1-x86-mingw32)
    fluent-logger (0.4.5)
      msgpack (= 0.4.7)
      yajl-ruby (~> 1.0)
    foreman (0.63.0-x86-mingw32)
      dotenv (>= 0.7)
      thor (>= 0.13.6)
      win32console (~> 1.3.0)
    hashie (2.0.5)
    highline (1.6.19)
    http_parser.rb (0.5.3-x86-mingw32)
    httpclient (2.3.3)
    i18n (0.6.1)
    json_pure (1.8.0)
    librarian (0.1.0)
      highline
      thor (~> 0.15)
    membrane (0.0.2)
    mime-types (1.23)
    msgpack (0.4.7-x86-mingw32)
    multi_json (1.7.3)
    multi_xml (0.5.3)
    multipart-post (1.2.0)
    nats (0.4.26)
      daemons (>= 1.1.5)
      eventmachine (>= 0.12.10)
      json_pure (>= 1.7.3)
      thin (>= 1.4.1)
    nokogiri (1.5.9-x86-mingw32)
    patron (0.4.18)
    posix-spawn (0.3.6)
    rack (1.5.2)
    rack-accept (0.4.5)
      rack (>= 0.4)
    rack-mount (0.8.3)
      rack (>= 1.0.0)
    rack-protection (1.5.0)
      rack
    rack-test (0.6.2)
      rack (>= 1.0)
    rake (10.0.4)
    rcov (0.9.11)
    rspec (2.13.0)
      rspec-core (~> 2.13.0)
      rspec-expectations (~> 2.13.0)
      rspec-mocks (~> 2.13.0)
    rspec-core (2.13.1)
    rspec-expectations (2.13.0)
      diff-lcs (>= 1.1.3, < 2.0)
    rspec-mocks (2.13.1)
    sinatra (1.4.2)
      rack (~> 1.5, >= 1.5.2)
      rack-protection (~> 1.4)
      tilt (~> 1.3, >= 1.3.4)
    sys-filesystem (1.1.0)
      ffi
    thin (1.5.1)
      daemons (>= 1.0.9)
      eventmachine (>= 0.12.6)
      rack (>= 1.0.0)
    thor (0.18.1)
    tilt (1.4.1)
    timecop (0.6.1)
    uuidtools (2.1.4)
    vcap_logging (0.1.4)
      rake
    virtus (0.5.4)
      backports (~> 2.6.1)
      descendants_tracker (~> 0.0.1)
    win32console (1.3.2-x86-mingw32)
    yajl-ruby (1.1.0-x86-mingw32)

PLATFORMS
  x86-mingw32

DEPENDENCIES
  ci_reporter
  em-http-request
  em-warden-client!
  eventmachine
  foreman
  grape!
  librarian
  nats
  nokogiri (>= 1.4.4)
  patron
  rack
  rack-test
  rake
  rcov (= 0.9.11)
  rspec
  sinatra
  steno!
  sys-filesystem
  thin
  timecop
  uuidtools (~> 2.1.2)
  vcap_common!
  vcap_logging (= 0.1.4)
  warden-client!
  warden-protocol!
  yajl-ruby
